GEM
  remote: https://rubygems.org/
  specs:
    slop (4.2.1)

PLATFORMS
  ruby

DEPENDENCIES
  slop (= 4.2.1)

BUNDLED WITH
   1.10.6
